PATH
  remote: .
  specs:
    ecm_lightbox2 (1.0.0)
      bootstrap-addons-rails
      rails (>= 4.0, < 5.0)

GEM
  remote: https://rubygems.org/
  specs:
    actionmailer (4.2.4)
      actionpack (= 4.2.4)
      actionview (= 4.2.4)
      activejob (= 4.2.4)
      mail (~> 2.5, >= 2.5.4)
      rails-dom-testing (~> 1.0, >= 1.0.5)
    actionpack (4.2.4)
      actionview (= 4.2.4)
      activesupport (= 4.2.4)
      rack (~> 1.6)
      rack-test (~> 0.6.2)
      rails-dom-testing (~> 1.0, >= 1.0.5)
      rails-html-sanitizer (~> 1.0, >= 1.0.2)
    actionview (4.2.4)
      activesupport (= 4.2.4)
      builder (~> 3.1)
      erubis (~> 2.7.0)
      rails-dom-testing (~> 1.0, >= 1.0.5)
      rails-html-sanitizer (~> 1.0, >= 1.0.2)
    activejob (4.2.4)
      activesupport (= 4.2.4)
      globalid (>= 0.3.0)
    activemodel (4.2.4)
      activesupport (= 4.2.4)
      builder (~> 3.1)
    activerecord (4.2.4)
      activemodel (= 4.2.4)
      activesupport (= 4.2.4)
      arel (~> 6.0)
    activesupport (4.2.4)
      i18n (~> 0.7)
      json (~> 1.7, >= 1.7.7)
      minitest (~> 5.1)
      thread_safe (~> 0.3, >= 0.3.4)
      tzinfo (~> 1.1)
    arel (6.0.3)
    bootstrap-addons-rails (0.1.2)
      rails
    builder (3.2.2)
    capybara (2.5.0)
      mime-types (>= 1.16)
      nokogiri (>= 1.3.3)
      rack (>= 1.0.0)
      rack-test (>= 0.5.4)
      xpath (~> 2.0)
    coderay (1.1.0)
    commonjs (0.2.7)
    daemons (1.2.3)
    diff-lcs (1.2.5)
    domain_name (0.5.25)
      unf (>= 0.0.5, < 1.0.0)
    erubis (2.7.0)
    eventmachine (1.0.8)
    execjs (2.6.0)
    factory_girl (4.5.0)
      activesupport (>= 3.0.0)
    factory_girl_rails (4.5.0)
      factory_girl (~> 4.5.0)
      railties (>= 3.0.0)
    ffi (1.9.10)
    formatador (0.2.5)
    gli (2.13.2)
    globalid (0.3.6)
      activesupport (>= 4.1.0)
    guard (2.13.0)
      formatador (>= 0.2.4)
      listen (>= 2.7, <= 4.0)
      lumberjack (~> 1.0)
      nenv (~> 0.1)
      notiffany (~> 0.0)
      pry (>= 0.9.12)
      shellany (~> 0.0)
      thor (>= 0.18.1)
    guard-bundler (2.1.0)
      bundler (~> 1.0)
      guard (~> 2.2)
      guard-compat (~> 1.1)
    guard-compat (1.2.1)
    guard-rails (0.7.2)
      guard (~> 2.11)
      guard-compat (~> 1.0)
    guard-rspec (4.6.4)
      guard (~> 2.1)
      guard-compat (~> 1.1)
      rspec (>= 2.99.0, < 4.0)
    http-cookie (1.0.2)
      domain_name (~> 0.5)
    i18n (0.7.0)
    jquery-rails (4.0.5)
      rails-dom-testing (~> 1.0)
      railties (>= 4.2.0)
      thor (>= 0.14, < 2.0)
    json (1.8.3)
    less (2.6.0)
      commonjs (~> 0.2.7)
    less-rails (2.7.0)
      actionpack (>= 4.0)
      less (~> 2.6.0)
      sprockets (> 2, < 4)
      tilt
    libv8 (3.16.14.13)
    listen (3.0.3)
      rb-fsevent (>= 0.9.3)
      rb-inotify (>= 0.9)
    localeapp (0.9.3)
      gli
      i18n
      json
      rack
      rest-client
      ya2yaml
    loofah (2.0.3)
      nokogiri (>= 1.5.9)
    lumberjack (1.0.9)
    mail (2.6.3)
      mime-types (>= 1.16, < 3)
    method_source (0.8.2)
    mime-types (2.6.2)
    mini_portile (0.6.2)
    minitest (5.8.2)
    nenv (0.2.0)
    netrc (0.10.3)
    nokogiri (1.6.6.2)
      mini_portile (~> 0.6.0)
    notiffany (0.0.8)
      nenv (~> 0.1)
      shellany (~> 0.0)
    pry (0.10.3)
      coderay (~> 1.1.0)
      method_source (~> 0.8.1)
      slop (~> 3.4)
    rack (1.6.4)
    rack-test (0.6.3)
      rack (>= 1.0)
    rails (4.2.4)
      actionmailer (= 4.2.4)
      actionpack (= 4.2.4)
      actionview (= 4.2.4)
      activejob (= 4.2.4)
      activemodel (= 4.2.4)
      activerecord (= 4.2.4)
      activesupport (= 4.2.4)
      bundler (>= 1.3.0, < 2.0)
      railties (= 4.2.4)
      sprockets-rails
    rails-deprecated_sanitizer (1.0.3)
      activesupport (>= 4.2.0.alpha)
    rails-dom-testing (1.0.7)
      activesupport (>= 4.2.0.beta, < 5.0)
      nokogiri (~> 1.6.0)
      rails-deprecated_sanitizer (>= 1.0.1)
    rails-dummy (0.0.4)
      rails
    rails-html-sanitizer (1.0.2)
      loofah (~> 2.0)
    railties (4.2.4)
      actionpack (= 4.2.4)
      activesupport (= 4.2.4)
      rake (>= 0.8.7)
      thor (>= 0.18.1, < 2.0)
    rake (10.4.2)
    rb-fsevent (0.9.6)
    rb-inotify (0.9.5)
      ffi (>= 0.5.0)
    ref (2.0.0)
    rest-client (1.8.0)
      http-cookie (>= 1.0.2, < 2.0)
      mime-types (>= 1.16, < 3.0)
      netrc (~> 0.7)
    route_translator (4.1.0)
      actionpack (>= 3.2, < 5.0)
      activesupport (>= 3.2, < 5.0)
    rspec (3.3.0)
      rspec-core (~> 3.3.0)
      rspec-expectations (~> 3.3.0)
      rspec-mocks (~> 3.3.0)
    rspec-core (3.3.2)
      rspec-support (~> 3.3.0)
    rspec-expectations (3.3.1)
      diff-lcs (>= 1.2.0, < 2.0)
      rspec-support (~> 3.3.0)
    rspec-mocks (3.3.2)
      diff-lcs (>= 1.2.0, < 2.0)
      rspec-support (~> 3.3.0)
    rspec-rails (3.3.3)
      actionpack (>= 3.0, < 4.3)
      activesupport (>= 3.0, < 4.3)
      railties (>= 3.0, < 4.3)
      rspec-core (~> 3.3.0)
      rspec-expectations (~> 3.3.0)
      rspec-mocks (~> 3.3.0)
      rspec-support (~> 3.3.0)
    rspec-support (3.3.0)
    shellany (0.0.1)
    shoulda-matchers (2.8.0)
      activesupport (>= 3.0.0)
    slop (3.6.0)
    sprockets (3.4.0)
      rack (> 1, < 3)
    sprockets-rails (2.3.3)
      actionpack (>= 3.0)
      activesupport (>= 3.0)
      sprockets (>= 2.8, < 4.0)
    sqlite3 (1.3.11)
    therubyracer (0.12.2)
      libv8 (~> 3.16.14.0)
      ref
    thin (1.6.4)
      daemons (~> 1.0, >= 1.0.9)
      eventmachine (~> 1.0, >= 1.0.4)
      rack (~> 1.0)
    thor (0.19.1)
    thread_safe (0.3.5)
    tilt (2.0.1)
    twitter-bootstrap-rails (3.2.0)
      actionpack (~> 4.1)
      execjs (~> 2.2)
      rails (~> 4.1)
      railties (~> 4.1)
    tzinfo (1.2.2)
      thread_safe (~> 0.1)
    unf (0.1.4)
      unf_ext
    unf_ext (0.0.7.1)
    xpath (2.0.0)
      nokogiri (~> 1.3)
    ya2yaml (0.31)
    yard (0.8.7.6)

PLATFORMS
  ruby

DEPENDENCIES
  capybara
  ecm_lightbox2!
  factory_girl_rails
  guard
  guard-bundler
  guard-rails
  guard-rspec
  jquery-rails
  less-rails
  localeapp
  rails-dummy
  route_translator
  rspec-rails
  shoulda-matchers
  sqlite3
  therubyracer
  thin
  twitter-bootstrap-rails
  yard
